GEM
  remote: http://rubygems.org/
  specs:
    activesupport (3.2.11)
      i18n (~> 0.6)
      multi_json (~> 1.0)
    chronic (0.9.0)
    diff-lcs (1.1.3)
    fluent-logger (0.4.4)
      msgpack (= 0.4.7)
      yajl-ruby (~> 1.0)
    github-markdown (0.5.3)
    hirb (0.7.1)
    i18n (0.6.1)
    json (1.7.6)
    msgpack (0.4.7)
    multi_json (1.5.0)
    newrelic_rpm (3.5.0.1)
    parallel (0.5.21)
    rack (1.5.2)
    rack-protection (1.3.2)
      rack
    rack-test (0.6.2)
      rack (>= 1.0)
    rake (10.0.3)
    rspec (2.12.0)
      rspec-core (~> 2.12.0)
      rspec-expectations (~> 2.12.0)
      rspec-mocks (~> 2.12.0)
    rspec-core (2.12.2)
    rspec-expectations (2.12.1)
      diff-lcs (~> 1.1.3)
    rspec-mocks (2.12.2)
    sinatra (1.3.4)
      rack (~> 1.4)
      rack-protection (~> 1.3)
      tilt (~> 1.3, >= 1.3.3)
    slim (1.3.6)
      temple (~> 0.5.5)
      tilt (~> 1.3.3)
    td (0.10.71)
      hirb (>= 0.4.5)
      msgpack (~> 0.4.4)
      parallel (~> 0.5.19)
      td-client (~> 0.8.45)
      td-logger (~> 0.3.16)
      yajl-ruby (~> 1.1.0)
    td-client (0.8.45)
      json (~> 1.7.6)
      msgpack (~> 0.4.4)
    td-logger (0.3.18)
      fluent-logger (~> 0.4.1)
      msgpack (= 0.4.7)
      td-client (~> 0.8.4)
    temple (0.5.5)
    tilt (1.3.3)
    whenever (0.8.2)
      activesupport (>= 2.3.4)
      chronic (>= 0.6.3)
    yajl-ruby (1.1.0)

PLATFORMS
  ruby

DEPENDENCIES
  github-markdown
  json
  newrelic_rpm
  rack-test
  rake
  rspec
  sinatra
  slim
  td
  whenever
