GEM
  remote: https://rubygems.org/
  specs:
    activesupport (4.0.4)
      i18n (~> 0.6, >= 0.6.9)
      minitest (~> 4.2)
      multi_json (~> 1.3)
      thread_safe (~> 0.1)
      tzinfo (~> 0.3.37)
    atomic (1.1.16)
    chronic (0.10.2)
    diff-lcs (1.2.5)
    fluent-logger (0.4.7)
      msgpack (>= 0.4.4, < 0.6.0, != 0.5.3, != 0.5.2, != 0.5.1, != 0.5.0)
      yajl-ruby (~> 1.0)
    github-markdown (0.6.5)
    hirb (0.7.1)
    httpclient (2.3.4.1)
    i18n (0.6.9)
    json (1.8.1)
    mini_portile (0.5.3)
    minitest (4.7.5)
    msgpack (0.5.8)
    multi_json (1.9.2)
    newrelic_rpm (3.7.3.204)
    nokogiri (1.6.1)
      mini_portile (~> 0.5.0)
    parallel (0.6.5)
    posix-spawn (0.3.8)
    pygments.rb (0.5.4)
      posix-spawn (~> 0.3.6)
      yajl-ruby (~> 1.1.0)
    rack (1.5.2)
    rack-test (0.6.2)
      rack (>= 1.0)
    rake (10.2.2)
    rspec (2.14.1)
      rspec-core (~> 2.14.0)
      rspec-expectations (~> 2.14.0)
      rspec-mocks (~> 2.14.0)
    rspec-core (2.14.8)
    rspec-expectations (2.14.5)
      diff-lcs (>= 1.1.3, < 2.0)
    rspec-mocks (2.14.6)
    rubyzip (0.9.9)
    sinatra (1.0)
      rack (>= 1.0)
    slim (2.0.2)
      temple (~> 0.6.6)
      tilt (>= 1.3.3, < 2.1)
    td (0.10.99)
      hirb (>= 0.4.5)
      msgpack (>= 0.4.4, < 0.6.0, != 0.5.3, != 0.5.2, != 0.5.1, != 0.5.0)
      parallel (~> 0.6.1)
      rubyzip (~> 0.9.9)
      td-client (~> 0.8.57)
      td-logger (~> 0.3.21)
      yajl-ruby (~> 1.1.0)
    td-client (0.8.58)
      httpclient (~> 2.3.4)
      json (>= 1.7.6)
      msgpack (>= 0.4.4, < 0.6.0, != 0.5.3, != 0.5.2, != 0.5.1, != 0.5.0)
    td-logger (0.3.23)
      fluent-logger (~> 0.4.6)
      msgpack (>= 0.4.4, < 0.6.0, != 0.5.3, != 0.5.2, != 0.5.1, != 0.5.0)
      td-client (~> 0.8.51)
    temple (0.6.7)
    thread_safe (0.3.1)
      atomic (>= 1.1.7, < 2)
    tilt (2.0.1)
    tzinfo (0.3.39)
    whenever (0.9.2)
      activesupport (>= 2.3.4)
      chronic (>= 0.6.3)
    yajl-ruby (1.1.0)

PLATFORMS
  ruby

DEPENDENCIES
  github-markdown
  json
  newrelic_rpm
  nokogiri
  pygments.rb
  rack-test
  rake
  rspec
  sinatra
  slim
  td
  whenever
