GEM
  remote: http://rubygems.org/
  specs:
    github-markdown (0.5.3)
    json (1.7.6)
    newrelic_rpm (3.5.0.1)
    rack (1.5.2)
    rack-protection (1.3.2)
      rack
    sinatra (1.3.4)
      rack (~> 1.4)
      rack-protection (~> 1.3)
      tilt (~> 1.3, >= 1.3.3)
    slim (1.3.6)
      temple (~> 0.5.5)
      tilt (~> 1.3.3)
    temple (0.5.5)
    tilt (1.3.3)

PLATFORMS
  ruby

DEPENDENCIES
  github-markdown
  json
  newrelic_rpm
  sinatra
  slim
